GEM
  remote: https://rubygems.org/
  specs:
    ast (2.4.2)
    byebug (11.1.3)
    diff-lcs (1.5.1)
    parser (2.7.2.0)
      ast (~> 2.4.1)
    rack (1.6.13)
    rack-protection (1.5.5)
      rack
    rake (13.2.1)
    rspec (3.13.0)
      rspec-core (~> 3.13.0)
      rspec-expectations (~> 3.13.0)
      rspec-mocks (~> 3.13.0)
    rspec-core (3.13.0)
      rspec-support (~> 3.13.0)
    rspec-expectations (3.13.2)
      diff-lcs (>= 1.2.0, < 2.0)
      rspec-support (~> 3.13.0)
    rspec-mocks (3.13.1)
      diff-lcs (>= 1.2.0, < 2.0)
      rspec-support (~> 3.13.0)
    rspec-support (3.13.1)
    rufo (0.0.38)
    sinatra (1.4.8)
      rack (~> 1.5)
      rack-protection (~> 1.4)
      tilt (>= 1.3, < 3)
    solargraph (0.1.0)
      parser (~> 2.4)
      sinatra (~> 1.4)
      thor (~> 0.19, >= 0.19.4)
      yard (~> 0.9)
    terminal-table (1.8.0)
      unicode-display_width (~> 1.1, >= 1.1.1)
    thor (0.20.3)
    tilt (2.4.0)
    unicode-display_width (1.8.0)
    yard (0.9.36)

PLATFORMS
  ruby
  x86_64-linux

DEPENDENCIES
  byebug (~> 11.1, >= 11.1.3)
  rake (~> 13.2, >= 13.2.1)
  rspec
  rufo (~> 0.0.1)
  solargraph (~> 0.1.0)
  terminal-table (~> 1.8)

BUNDLED WITH
   2.5.15
